PATH
  remote: .
  specs:
    factorydi (1.0.0)

GEM
  remote: https://rubygems.org/
  specs:

PLATFORMS
  ruby

DEPENDENCIES
  factorydi!

BUNDLED WITH
   1.16.1
