PATH
  remote: .
  specs:
    factorydi (1.0.0)

GEM
  remote: https://rubygems.org/
  specs:
    minitest (5.11.3)
    rake (10.4.2)

PLATFORMS
  ruby

DEPENDENCIES
  factorydi!
  minitest
  rake

BUNDLED WITH
   1.16.1
